GEM
  remote: https://rubygems.org/
  specs:
    activesupport (4.2.6)
      i18n (~> 0.7)
      json (~> 1.7, >= 1.7.7)
      minitest (~> 5.1)
      thread_safe (~> 0.3, >= 0.3.4)
      tzinfo (~> 1.1)
    awesome_print (1.2.0)
    byebug (9.0.6)
    coderay (1.1.1)
    colorize (0.7.7)
    i18n (0.7.0)
    json (1.8.3)
    method_source (0.8.2)
    minitest (5.10.1)
    pry (0.10.4)
      coderay (~> 1.1.0)
      method_source (~> 0.8.1)
      slop (~> 3.4)
    pry-byebug (3.4.2)
      byebug (~> 9.0)
      pry (~> 0.10)
    slop (3.6.0)
    thread_safe (0.3.5)
    tzinfo (1.2.2)
      thread_safe (~> 0.1)
    vscale-api (0.2.47)

PLATFORMS
  ruby

DEPENDENCIES
  activesupport
  awesome_print
  colorize
  pry
  pry-byebug
  vscale-api

BUNDLED WITH
   1.11.2
